GEM
  remote: http://rubygems.org/
  specs:
    bluecloth (2.1.0)
    rack (1.2.2)
    sinatra (1.2.6)
      rack (~> 1.1)
      tilt (< 2.0, >= 1.2.2)
    tilt (1.3)

PLATFORMS
  ruby

DEPENDENCIES
  bluecloth
  sinatra
